GEM
  remote: http://rubygems.org/
  specs:
    daemons (1.1.9)
    erubis (2.7.0)
    eventmachine (1.0.3)
    haml (3.1.4)
    libxml-ruby (2.3.3)
    rack (1.4.1)
    rack-protection (1.2.0)
      rack
    ratom (0.7.2)
      libxml-ruby (~> 2.3.2)
    redcarpet (2.1.0)
    sinatra (1.3.2)
      rack (~> 1.3, >= 1.3.6)
      rack-protection (~> 1.2)
      tilt (~> 1.3, >= 1.3.3)
    thin (1.5.1)
      daemons (>= 1.0.9)
      eventmachine (>= 0.12.6)
      rack (>= 1.0.0)
    tilt (1.3.3)

PLATFORMS
  ruby

DEPENDENCIES
  erubis
  haml
  ratom
  redcarpet
  sinatra
  thin
